STORAGE: NONE
RESTRICTION: || (== net46) (== net50) (== netstandard2.0)
NUGET
  remote: https://www.nuget.org/api/v2
    Castle.Core (4.4.1)
      NETStandard.Library (>= 1.6.1) - restriction: || (&& (== net46) (< net35)) (== net50) (== netstandard2.0)
      System.Collections.Specialized (>= 4.3) - restriction: || (&& (== net46) (< net35)) (== net50) (== netstandard2.0)
      System.ComponentModel (>= 4.3) - restriction: || (&& (== net46) (< net35)) (== net50) (== netstandard2.0)
      System.ComponentModel.TypeConverter (>= 4.3) - restriction: || (&& (== net46) (< net35)) (== net50) (== netstandard2.0)
      System.Diagnostics.TraceSource (>= 4.3) - restriction: || (&& (== net46) (< net35)) (== net50) (== netstandard2.0)
      System.Dynamic.Runtime (>= 4.3) - restriction: || (&& (== net46) (< net35)) (== net50) (== netstandard2.0)
      System.Reflection (>= 4.3) - restriction: || (&& (== net46) (< net35)) (== net50) (== netstandard2.0)
      System.Reflection.Emit (>= 4.3) - restriction: || (&& (== net46) (< net35)) (== net50) (== netstandard2.0)
      System.Reflection.TypeExtensions (>= 4.3) - restriction: || (&& (== net46) (< net35)) (== net50) (== netstandard2.0)
      System.Xml.XmlDocument (>= 4.3) - restriction: || (&& (== net46) (< net35)) (== net50) (== netstandard2.0)
    CommandLineParser (2.8)
    Dapper (2.0.78)
      System.Reflection.Emit.Lightweight (>= 4.7) - restriction: || (&& (== net46) (>= netstandard2.0)) (== netstandard2.0)
    Hangfire (1.7.18)
      Hangfire.AspNetCore (1.7.18) - restriction: || (&& (== net46) (< net45)) (== net50) (== netstandard2.0)
      Hangfire.Core (1.7.18)
      Hangfire.SqlServer (1.7.18)
      Microsoft.Owin.Host.SystemWeb (>= 3.0) - restriction: || (== net46) (&& (== net50) (>= net45)) (&& (== netstandard2.0) (>= net45))
    Hangfire.AspNetCore (1.7.18) - restriction: || (&& (== net46) (< net45)) (== net50) (== netstandard2.0)
      Hangfire.Core (1.7.18)
      Microsoft.AspNetCore.Antiforgery (>= 2.0) - restriction: || (&& (== net46) (< net451) (>= netstandard2.0)) (&& (== net46) (>= net461)) (&& (== net50) (>= net461)) (&& (== net50) (< netcoreapp3.0)) (== netstandard2.0)
      Microsoft.AspNetCore.Hosting.Abstractions (>= 2.0) - restriction: || (&& (== net46) (< net451) (>= netstandard2.0)) (&& (== net46) (>= net461)) (&& (== net50) (>= net461)) (&& (== net50) (< netcoreapp3.0)) (== netstandard2.0)
      Microsoft.AspNetCore.Http.Abstractions (>= 2.0) - restriction: || (&& (== net46) (< net451) (>= netstandard2.0)) (&& (== net46) (>= net461)) (&& (== net50) (>= net461)) (&& (== net50) (< netcoreapp3.0)) (== netstandard2.0)
      Microsoft.Extensions.DependencyInjection.Abstractions (>= 2.0) - restriction: || (&& (== net46) (< net451) (>= netstandard2.0)) (&& (== net46) (>= net461)) (&& (== net50) (>= net461)) (&& (== net50) (< netcoreapp3.0)) (== netstandard2.0)
      Microsoft.Extensions.Logging.Abstractions (>= 2.0) - restriction: || (&& (== net46) (< net451) (>= netstandard2.0)) (&& (== net46) (>= net461)) (&& (== net50) (>= net461)) (&& (== net50) (< netcoreapp3.0)) (== netstandard2.0)
    Hangfire.Core (1.7.18)
      Newtonsoft.Json (>= 5.0.1) - restriction: || (== net46) (&& (== net50) (>= net45) (< netstandard1.3)) (&& (== net50) (>= net46)) (&& (== netstandard2.0) (>= net45) (< netstandard1.3)) (&& (== netstandard2.0) (>= net46))
      Newtonsoft.Json (>= 11.0.1) - restriction: || (&& (== net46) (< net45) (>= netstandard2.0)) (== net50) (== netstandard2.0)
      Owin (>= 1.0) - restriction: || (== net46) (&& (== net50) (>= net45) (< netstandard1.3)) (&& (== net50) (>= net46)) (&& (== netstandard2.0) (>= net45) (< netstandard1.3)) (&& (== netstandard2.0) (>= net46))
    Hangfire.SqlServer (1.7.18)
      Hangfire.Core (1.7.18)
      System.Data.SqlClient (>= 4.4) - restriction: || (&& (== net46) (< net45) (>= netstandard2.0)) (== net50) (== netstandard2.0)
    Microsoft.AspNetCore.Antiforgery (2.2) - restriction: || (&& (== net46) (== net50)) (&& (== net46) (< net45) (>= net461)) (&& (== net46) (< net45) (>= netstandard2.0)) (&& (== net50) (>= net461)) (&& (== net50) (< netcoreapp3.0)) (== netstandard2.0)
      Microsoft.AspNetCore.DataProtection (>= 2.2) - restriction: || (&& (== net46) (>= netstandard2.0)) (== net50) (== netstandard2.0)
      Microsoft.AspNetCore.Http.Abstractions (>= 2.2) - restriction: || (&& (== net46) (>= netstandard2.0)) (== net50) (== netstandard2.0)
      Microsoft.AspNetCore.Http.Extensions (>= 2.2) - restriction: || (&& (== net46) (>= netstandard2.0)) (== net50) (== netstandard2.0)
      Microsoft.AspNetCore.WebUtilities (>= 2.2) - restriction: || (&& (== net46) (>= netstandard2.0)) (== net50) (== netstandard2.0)
      Microsoft.Extensions.ObjectPool (>= 2.2) - restriction: || (&& (== net46) (>= netstandard2.0)) (== net50) (== netstandard2.0)
    Microsoft.AspNetCore.Cryptography.Internal (5.0) - restriction: || (&& (== net46) (== net50)) (&& (== net46) (< net45) (>= netstandard2.0)) (&& (== net50) (>= net461)) (&& (== net50) (< netcoreapp3.0)) (== netstandard2.0)
    Microsoft.AspNetCore.DataProtection (5.0) - restriction: || (&& (== net46) (== net50)) (&& (== net46) (< net45) (>= netstandard2.0)) (&& (== net50) (>= net461)) (&& (== net50) (< netcoreapp3.0)) (== netstandard2.0)
      Microsoft.AspNetCore.Cryptography.Internal (>= 5.0) - restriction: || (&& (== net46) (>= net461)) (&& (== net46) (>= netstandard2.0)) (== net50) (== netstandard2.0)
      Microsoft.AspNetCore.DataProtection.Abstractions (>= 5.0) - restriction: || (&& (== net46) (>= net461)) (&& (== net46) (>= netstandard2.0)) (== net50) (== netstandard2.0)
      Microsoft.Extensions.DependencyInjection.Abstractions (>= 5.0) - restriction: || (&& (== net46) (>= net461)) (&& (== net46) (>= netstandard2.0)) (== net50) (== netstandard2.0)
      Microsoft.Extensions.Hosting.Abstractions (>= 5.0) - restriction: || (&& (== net46) (>= net461)) (&& (== net46) (>= netstandard2.0)) (== net50) (== netstandard2.0)
      Microsoft.Extensions.Logging.Abstractions (>= 5.0) - restriction: || (&& (== net46) (>= net461)) (&& (== net46) (>= netstandard2.0)) (== net50) (== netstandard2.0)
      Microsoft.Extensions.Options (>= 5.0) - restriction: || (&& (== net46) (>= net461)) (&& (== net46) (>= netstandard2.0)) (== net50) (== netstandard2.0)
      Microsoft.Win32.Registry (>= 5.0) - restriction: || (&& (== net46) (>= net461)) (&& (== net46) (>= netstandard2.0)) (== net50) (== netstandard2.0)
      System.Security.Cryptography.Xml (>= 5.0) - restriction: || (&& (== net46) (>= net461)) (&& (== net46) (>= netstandard2.0)) (== net50) (== netstandard2.0)
      System.Security.Principal.Windows (>= 5.0) - restriction: || (&& (== net46) (>= netstandard2.0)) (== netstandard2.0)
    Microsoft.AspNetCore.DataProtection.Abstractions (5.0) - restriction: || (&& (== net46) (== net50)) (&& (== net46) (< net45) (>= netstandard2.0)) (&& (== net50) (>= net461)) (&& (== net50) (< netcoreapp3.0)) (== netstandard2.0)
    Microsoft.AspNetCore.Hosting.Abstractions (2.2) - restriction: || (&& (== net46) (== net50)) (&& (== net46) (< net45) (>= net461)) (&& (== net46) (< net45) (>= netstandard2.0)) (&& (== net50) (>= net461)) (&& (== net50) (< netcoreapp3.0)) (== netstandard2.0)
      Microsoft.AspNetCore.Hosting.Server.Abstractions (>= 2.2) - restriction: || (&& (== net46) (>= netstandard2.0)) (== net50) (== netstandard2.0)
      Microsoft.AspNetCore.Http.Abstractions (>= 2.2) - restriction: || (&& (== net46) (>= netstandard2.0)) (== net50) (== netstandard2.0)
      Microsoft.Extensions.Hosting.Abstractions (>= 2.2) - restriction: || (&& (== net46) (>= netstandard2.0)) (== net50) (== netstandard2.0)
    Microsoft.AspNetCore.Hosting.Server.Abstractions (2.2) - restriction: || (&& (== net46) (== net50)) (&& (== net46) (< net45) (>= netstandard2.0)) (&& (== net50) (>= net461)) (&& (== net50) (< netcoreapp3.0)) (== netstandard2.0)
      Microsoft.AspNetCore.Http.Features (>= 2.2) - restriction: || (&& (== net46) (>= netstandard2.0)) (== net50) (== netstandard2.0)
      Microsoft.Extensions.Configuration.Abstractions (>= 2.2) - restriction: || (&& (== net46) (>= netstandard2.0)) (== net50) (== netstandard2.0)
    Microsoft.AspNetCore.Http.Abstractions (2.2) - restriction: || (&& (== net46) (== net50)) (&& (== net46) (< net45) (>= netstandard2.0)) (&& (== net50) (>= net461)) (&& (== net50) (< netcoreapp3.0)) (== netstandard2.0)
      Microsoft.AspNetCore.Http.Features (>= 2.2) - restriction: || (&& (== net46) (>= netstandard2.0)) (== net50) (== netstandard2.0)
      System.Text.Encodings.Web (>= 4.5) - restriction: || (&& (== net46) (>= netstandard2.0)) (== net50) (== netstandard2.0)
    Microsoft.AspNetCore.Http.Extensions (2.2) - restriction: || (&& (== net46) (== net50)) (&& (== net46) (< net45) (>= netstandard2.0)) (&& (== net50) (>= net461)) (&& (== net50) (< netcoreapp3.0)) (== netstandard2.0)
      Microsoft.AspNetCore.Http.Abstractions (>= 2.2) - restriction: || (&& (== net46) (>= netstandard2.0)) (== net50) (== netstandard2.0)
      Microsoft.Extensions.FileProviders.Abstractions (>= 2.2) - restriction: || (&& (== net46) (>= netstandard2.0)) (== net50) (== netstandard2.0)
      Microsoft.Net.Http.Headers (>= 2.2) - restriction: || (&& (== net46) (>= netstandard2.0)) (== net50) (== netstandard2.0)
      System.Buffers (>= 4.5) - restriction: || (&& (== net46) (>= netstandard2.0)) (== net50) (== netstandard2.0)
    Microsoft.AspNetCore.Http.Features (5.0) - restriction: || (&& (== net46) (== net50)) (&& (== net46) (< net45) (>= netstandard2.0)) (&& (== net50) (>= net461)) (&& (== net50) (< netcoreapp3.0)) (== netstandard2.0)
      Microsoft.Extensions.Primitives (>= 5.0) - restriction: || (&& (== net46) (>= net461)) (&& (== net46) (>= netstandard2.0)) (== net50) (== netstandard2.0)
      System.IO.Pipelines (>= 5.0) - restriction: || (&& (== net46) (>= net461)) (&& (== net46) (>= netstandard2.0)) (== net50) (== netstandard2.0)
    Microsoft.AspNetCore.WebUtilities (2.2) - restriction: || (&& (== net46) (== net50)) (&& (== net46) (< net45) (>= netstandard2.0)) (&& (== net50) (>= net461)) (&& (== net50) (< netcoreapp3.0)) (== netstandard2.0)
      Microsoft.Net.Http.Headers (>= 2.2) - restriction: || (&& (== net46) (>= netstandard2.0)) (== net50) (== netstandard2.0)
      System.Text.Encodings.Web (>= 4.5) - restriction: || (&& (== net46) (>= netstandard2.0)) (== net50) (== netstandard2.0)
    Microsoft.Bcl.AsyncInterfaces (5.0) - restriction: || (&& (== net46) (== net50)) (&& (== net46) (>= net461)) (&& (== net46) (>= netcoreapp2.1)) (&& (== net46) (>= netstandard2.0)) (&& (== net50) (>= net461)) (&& (== net50) (< netstandard2.1)) (== netstandard2.0)
      System.Threading.Tasks.Extensions (>= 4.5.4) - restriction: || (&& (== net46) (>= net461)) (&& (== net46) (>= netstandard2.0)) (&& (== net50) (>= net461)) (&& (== net50) (< netcoreapp2.1) (< netstandard2.1)) (== netstandard2.0)
    Microsoft.CodeCoverage (16.8) - restriction: || (== net46) (== net50) (&& (== netstandard2.0) (>= net45)) (&& (== netstandard2.0) (>= netcoreapp2.1))
    Microsoft.CSharp (4.7)
    Microsoft.Extensions.Configuration.Abstractions (5.0) - restriction: || (&& (== net46) (== net50)) (&& (== net46) (< net45) (>= netstandard2.0)) (&& (== net46) (>= netcoreapp2.1)) (&& (== net46) (>= netcoreapp3.0)) (&& (== net46) (>= netstandard2.1)) (&& (== net50) (>= net461)) (&& (== net50) (< netcoreapp2.1)) (&& (== net50) (< netcoreapp3.0)) (&& (== net50) (< netstandard2.1)) (== netstandard2.0)
      Microsoft.Extensions.Primitives (>= 5.0) - restriction: || (&& (== net46) (>= net461)) (&& (== net46) (>= netstandard2.0)) (== net50) (== netstandard2.0)
    Microsoft.Extensions.DependencyInjection (5.0)
      Microsoft.Bcl.AsyncInterfaces (>= 5.0) - restriction: || (&& (== net46) (>= net461)) (&& (== net46) (>= netcoreapp2.1)) (&& (== net46) (>= netstandard2.0)) (&& (== net50) (>= net461)) (&& (== net50) (< netstandard2.1)) (== netstandard2.0)
      Microsoft.Extensions.DependencyInjection.Abstractions (>= 5.0) - restriction: || (&& (== net46) (>= net461)) (&& (== net46) (>= netcoreapp2.1)) (&& (== net46) (>= netcoreapp3.0)) (&& (== net46) (>= netstandard2.0)) (&& (== net46) (>= netstandard2.1)) (== net50) (== netstandard2.0)
      System.Threading.Tasks.Extensions (>= 4.5.4) - restriction: || (&& (== net46) (>= net461)) (&& (== net46) (>= netstandard2.0)) (&& (== net50) (>= net461)) (&& (== net50) (< netcoreapp2.1) (< netstandard2.1)) (== netstandard2.0)
    Microsoft.Extensions.DependencyInjection.Abstractions (5.0)
    Microsoft.Extensions.FileProviders.Abstractions (5.0) - restriction: || (&& (== net46) (== net50)) (&& (== net46) (< net45) (>= netstandard2.0)) (&& (== net46) (>= netcoreapp2.1)) (&& (== net46) (>= netcoreapp3.0)) (&& (== net46) (>= netstandard2.1)) (&& (== net50) (>= net461)) (&& (== net50) (< netcoreapp2.1)) (&& (== net50) (< netcoreapp3.0)) (&& (== net50) (< netstandard2.1)) (== netstandard2.0)
      Microsoft.Extensions.Primitives (>= 5.0) - restriction: || (&& (== net46) (>= net461)) (&& (== net46) (>= netstandard2.0)) (== net50) (== netstandard2.0)
    Microsoft.Extensions.Hosting.Abstractions (5.0) - restriction: || (&& (== net46) (== net50)) (&& (== net46) (< net45) (>= netstandard2.0)) (&& (== net50) (>= net461)) (&& (== net50) (< netcoreapp3.0)) (== netstandard2.0)
      Microsoft.Bcl.AsyncInterfaces (>= 5.0) - restriction: || (&& (== net46) (>= net461)) (&& (== net46) (>= netcoreapp2.1)) (&& (== net46) (>= netstandard2.0)) (&& (== net50) (>= net461)) (&& (== net50) (< netstandard2.1)) (== netstandard2.0)
      Microsoft.Extensions.Configuration.Abstractions (>= 5.0) - restriction: || (&& (== net46) (>= net461)) (&& (== net46) (>= netcoreapp2.1)) (&& (== net46) (>= netcoreapp3.0)) (&& (== net46) (>= netstandard2.0)) (&& (== net46) (>= netstandard2.1)) (== net50) (== netstandard2.0)
      Microsoft.Extensions.DependencyInjection.Abstractions (>= 5.0) - restriction: || (&& (== net46) (>= net461)) (&& (== net46) (>= netcoreapp2.1)) (&& (== net46) (>= netcoreapp3.0)) (&& (== net46) (>= netstandard2.0)) (&& (== net46) (>= netstandard2.1)) (== net50) (== netstandard2.0)
      Microsoft.Extensions.FileProviders.Abstractions (>= 5.0) - restriction: || (&& (== net46) (>= net461)) (&& (== net46) (>= netcoreapp2.1)) (&& (== net46) (>= netcoreapp3.0)) (&& (== net46) (>= netstandard2.0)) (&& (== net46) (>= netstandard2.1)) (== net50) (== netstandard2.0)
      System.Threading.Tasks.Extensions (>= 4.5.4) - restriction: || (&& (== net46) (>= net461)) (&& (== net46) (>= netstandard2.0)) (&& (== net50) (>= net461)) (&& (== net50) (< netcoreapp2.1) (< netstandard2.1)) (== netstandard2.0)
    Microsoft.Extensions.Logging (5.0)
      Microsoft.Extensions.DependencyInjection (>= 5.0) - restriction: || (&& (== net46) (>= net461)) (&& (== net46) (>= netstandard2.0)) (== net50) (== netstandard2.0)
      Microsoft.Extensions.DependencyInjection.Abstractions (>= 5.0) - restriction: || (&& (== net46) (>= net461)) (&& (== net46) (>= netstandard2.0)) (== net50) (== netstandard2.0)
      Microsoft.Extensions.Logging.Abstractions (>= 5.0) - restriction: || (&& (== net46) (>= net461)) (&& (== net46) (>= netstandard2.0)) (== net50) (== netstandard2.0)
      Microsoft.Extensions.Options (>= 5.0) - restriction: || (&& (== net46) (>= net461)) (&& (== net46) (>= netstandard2.0)) (== net50) (== netstandard2.0)
      System.Diagnostics.DiagnosticSource (>= 5.0) - restriction: || (&& (== net46) (>= net461)) (&& (== net46) (>= netstandard2.0)) (&& (== net46) (>= netstandard2.1)) (&& (== net50) (>= net461)) (&& (== net50) (< netstandard2.1)) (== netstandard2.0)
    Microsoft.Extensions.Logging.Abstractions (5.0)
    Microsoft.Extensions.ObjectPool (5.0) - restriction: || (&& (== net46) (== net50)) (&& (== net46) (< net45) (>= netstandard2.0)) (&& (== net50) (>= net461)) (&& (== net50) (< netcoreapp3.0)) (== netstandard2.0)
    Microsoft.Extensions.Options (5.0) - restriction: || (&& (== net46) (>= net461)) (&& (== net46) (>= netstandard2.0)) (== net50) (== netstandard2.0)
      Microsoft.Extensions.DependencyInjection.Abstractions (>= 5.0) - restriction: || (&& (== net46) (>= net461)) (&& (== net46) (>= netstandard2.0)) (== net50) (== netstandard2.0)
      Microsoft.Extensions.Primitives (>= 5.0) - restriction: || (&& (== net46) (>= net461)) (&& (== net46) (>= netstandard2.0)) (== net50) (== netstandard2.0)
    Microsoft.Extensions.Primitives (5.0) - restriction: || (&& (== net46) (>= net461)) (&& (== net46) (>= netstandard2.0)) (== net50) (== netstandard2.0)
      System.Buffers (>= 4.5.1) - restriction: || (&& (== net46) (>= monoandroid)) (&& (== net46) (>= monotouch)) (&& (== net46) (>= net461)) (&& (== net46) (>= netstandard2.0)) (&& (== net46) (>= xamarinios)) (&& (== net46) (>= xamarinmac)) (&& (== net46) (>= xamarintvos)) (&& (== net46) (>= xamarinwatchos)) (&& (== net50) (>= monotouch)) (&& (== net50) (>= net461)) (&& (== net50) (< netcoreapp2.0)) (&& (== net50) (>= xamarinios)) (&& (== net50) (>= xamarinmac)) (&& (== net50) (>= xamarintvos)) (&& (== net50) (>= xamarinwatchos)) (== netstandard2.0)
      System.Memory (>= 4.5.4) - restriction: || (&& (== net46) (>= net461)) (&& (== net46) (>= netcoreapp2.0)) (&& (== net46) (>= netstandard2.0)) (&& (== net46) (>= uap10.1)) (&& (== net50) (>= net461)) (&& (== net50) (< netcoreapp2.0)) (&& (== net50) (< netcoreapp2.1)) (&& (== net50) (>= uap10.1)) (== netstandard2.0)
      System.Runtime.CompilerServices.Unsafe (>= 5.0) - restriction: || (&& (== net46) (>= monoandroid)) (&& (== net46) (>= monotouch)) (&& (== net46) (>= net461)) (&& (== net46) (>= netcoreapp2.0)) (&& (== net46) (>= netcoreapp2.1)) (&& (== net46) (>= netstandard2.0)) (&& (== net46) (>= uap10.1)) (&& (== net46) (>= xamarinios)) (&& (== net46) (>= xamarinmac)) (&& (== net46) (>= xamarintvos)) (&& (== net46) (>= xamarinwatchos)) (&& (== net50) (>= monotouch)) (&& (== net50) (>= net461)) (&& (== net50) (< netcoreapp2.0)) (&& (== net50) (< netcoreapp2.1)) (&& (== net50) (< netcoreapp3.0)) (&& (== net50) (>= uap10.1)) (&& (== net50) (>= xamarinios)) (&& (== net50) (>= xamarinmac)) (&& (== net50) (>= xamarintvos)) (&& (== net50) (>= xamarinwatchos)) (== netstandard2.0)
    Microsoft.Net.Http.Headers (2.2.8) - restriction: || (&& (== net46) (== net50)) (&& (== net46) (< net45) (>= netstandard2.0)) (&& (== net50) (>= net461)) (&& (== net50) (< netcoreapp3.0)) (== netstandard2.0)
      Microsoft.Extensions.Primitives (>= 2.2) - restriction: || (&& (== net46) (>= netstandard2.0)) (== net50) (== netstandard2.0)
      System.Buffers (>= 4.5) - restriction: || (&& (== net46) (>= netstandard2.0)) (== net50) (== netstandard2.0)
    Microsoft.NET.Test.Sdk (16.8)
      Microsoft.CodeCoverage (>= 16.8) - restriction: || (== net46) (== net50) (&& (== netstandard2.0) (>= net45)) (&& (== netstandard2.0) (>= netcoreapp2.1))
      Microsoft.TestPlatform.TestHost (>= 16.8) - restriction: || (&& (== net46) (>= netcoreapp2.1)) (== net50) (&& (== netstandard2.0) (>= netcoreapp2.1))
    Microsoft.NETCore.Platforms (5.0) - restriction: || (&& (== net46) (< net35)) (&& (== net46) (< net45) (>= netstandard2.0)) (&& (== net46) (>= netcoreapp2.0)) (&& (== net46) (>= netcoreapp2.1)) (&& (== net46) (>= netcoreapp3.1)) (== net50) (== netstandard2.0)
    Microsoft.NETCore.Targets (5.0) - restriction: || (&& (== net46) (< net35)) (&& (== net46) (< net45) (>= netstandard2.0)) (== net50) (== netstandard2.0)
    Microsoft.Owin (4.1.1) - restriction: || (== net46) (&& (== net50) (>= net45)) (&& (== netstandard2.0) (>= net45))
      Owin (>= 1.0)
    Microsoft.Owin.Host.SystemWeb (4.1.1) - restriction: || (== net46) (&& (== net50) (>= net45)) (&& (== netstandard2.0) (>= net45))
      Microsoft.Owin (>= 4.1.1)
      Owin (>= 1.0)
    Microsoft.TestPlatform.ObjectModel (16.8) - restriction: || (&& (== net46) (>= netcoreapp2.1)) (== net50) (&& (== netstandard2.0) (>= netcoreapp2.1))
      NuGet.Frameworks (>= 5.0)
    Microsoft.TestPlatform.TestHost (16.8) - restriction: || (&& (== net46) (>= netcoreapp2.1)) (== net50) (&& (== netstandard2.0) (>= netcoreapp2.1))
      Microsoft.TestPlatform.ObjectModel (>= 16.8) - restriction: || (&& (== net46) (>= netcoreapp2.1)) (&& (== net46) (>= uap10.0)) (== net50) (&& (== netstandard2.0) (>= netcoreapp2.1)) (&& (== netstandard2.0) (>= uap10.0))
      Newtonsoft.Json (>= 9.0.1) - restriction: || (&& (== net46) (>= netcoreapp2.1)) (&& (== net46) (>= uap10.0)) (== net50) (&& (== netstandard2.0) (>= netcoreapp2.1)) (&& (== netstandard2.0) (>= uap10.0))
    Microsoft.Win32.Registry (5.0) - restriction: || (&& (== net46) (< net45) (>= netstandard2.0)) (&& (== net46) (>= netcoreapp2.0)) (&& (== net46) (>= netcoreapp2.1)) (&& (== net46) (>= netcoreapp3.1)) (== net50) (== netstandard2.0)
      System.Buffers (>= 4.5.1) - restriction: || (&& (== net46) (>= monoandroid)) (&& (== net46) (>= monotouch)) (&& (== net46) (>= xamarinios)) (&& (== net46) (>= xamarinmac)) (&& (== net46) (>= xamarintvos)) (&& (== net46) (>= xamarinwatchos)) (&& (== net50) (>= monotouch)) (&& (== net50) (< netcoreapp2.0)) (&& (== net50) (>= xamarinios)) (&& (== net50) (>= xamarinmac)) (&& (== net50) (>= xamarintvos)) (&& (== net50) (>= xamarinwatchos)) (== netstandard2.0)
      System.Memory (>= 4.5.4) - restriction: || (&& (== net46) (>= netcoreapp2.0)) (&& (== net46) (>= uap10.1)) (&& (== net50) (< netcoreapp2.0)) (&& (== net50) (< netcoreapp2.1)) (&& (== net50) (>= uap10.1)) (== netstandard2.0)
      System.Security.AccessControl (>= 5.0) - restriction: || (&& (== net46) (>= monoandroid)) (&& (== net46) (>= monotouch)) (&& (== net46) (>= net461)) (&& (== net46) (>= netcoreapp2.0)) (&& (== net46) (>= netcoreapp2.1)) (&& (== net46) (>= uap10.1)) (&& (== net46) (>= xamarinios)) (&& (== net46) (>= xamarinmac)) (&& (== net46) (>= xamarintvos)) (&& (== net46) (>= xamarinwatchos)) (== net50) (== netstandard2.0)
      System.Security.Principal.Windows (>= 5.0) - restriction: || (&& (== net46) (>= monoandroid)) (&& (== net46) (>= monotouch)) (&& (== net46) (>= net461)) (&& (== net46) (>= netcoreapp2.0)) (&& (== net46) (>= netcoreapp2.1)) (&& (== net46) (>= uap10.1)) (&& (== net46) (>= xamarinios)) (&& (== net46) (>= xamarinmac)) (&& (== net46) (>= xamarintvos)) (&& (== net46) (>= xamarinwatchos)) (== net50) (== netstandard2.0)
    Moq (4.15.1)
      Castle.Core (>= 4.4)
      System.Threading.Tasks.Extensions (>= 4.5.1)
    MySqlConnector (1.1)
      System.Buffers (>= 4.4) - restriction: || (== net46) (&& (== net50) (>= net471)) (&& (== net50) (< netcoreapp2.1) (< netstandard2.1)) (&& (== net50) (< netstandard2.0)) (== netstandard2.0)
      System.Memory (>= 4.5) - restriction: || (== net46) (&& (== net50) (>= net471)) (&& (== net50) (< netcoreapp2.1) (< netstandard2.1)) (&& (== net50) (< netstandard2.0)) (== netstandard2.0)
      System.Threading.Tasks.Extensions (>= 4.3) - restriction: || (== net46) (&& (== net50) (>= net471)) (&& (== net50) (< netcoreapp2.1) (< netstandard2.1)) (&& (== net50) (< netstandard2.0)) (== netstandard2.0)
    NETStandard.Library (2.0.3) - restriction: || (&& (== net46) (< net452)) (== net50) (== netstandard2.0)
      Microsoft.NETCore.Platforms (>= 1.1)
    Newtonsoft.Json (12.0.3)
    NuGet.Frameworks (5.8) - restriction: || (&& (== net46) (>= netcoreapp2.1)) (== net50) (&& (== netstandard2.0) (>= netcoreapp2.1))
    Owin (1.0) - restriction: || (== net46) (&& (== net50) (>= net45) (< netstandard1.3)) (&& (== net50) (>= net46)) (&& (== netstandard2.0) (>= net45) (< netstandard1.3)) (&& (== netstandard2.0) (>= net46))
    runtime.native.System (4.3.1) - restriction: || (&& (== net46) (< net35)) (== net50) (== netstandard2.0)
      Microsoft.NETCore.Platforms (>= 1.1.1)
      Microsoft.NETCore.Targets (>= 1.1.3)
    runtime.native.System.Data.SqlClient.sni (4.7) - restriction: || (&& (== net46) (< net45) (>= netstandard2.0)) (&& (== net46) (>= netcoreapp2.0)) (&& (== net46) (>= netcoreapp2.1)) (&& (== net46) (>= netcoreapp3.1)) (== net50) (== netstandard2.0)
      runtime.win-arm64.runtime.native.System.Data.SqlClient.sni (>= 4.4)
      runtime.win-x64.runtime.native.System.Data.SqlClient.sni (>= 4.4)
      runtime.win-x86.runtime.native.System.Data.SqlClient.sni (>= 4.4)
    runtime.win-arm64.runtime.native.System.Data.SqlClient.sni (4.4) - restriction: || (&& (== net46) (< net45) (>= netstandard2.0)) (&& (== net46) (>= netcoreapp2.0)) (&& (== net46) (>= netcoreapp2.1)) (&& (== net46) (>= netcoreapp3.1)) (== net50) (== netstandard2.0)
    runtime.win-x64.runtime.native.System.Data.SqlClient.sni (4.4) - restriction: || (&& (== net46) (< net45) (>= netstandard2.0)) (&& (== net46) (>= netcoreapp2.0)) (&& (== net46) (>= netcoreapp2.1)) (&& (== net46) (>= netcoreapp3.1)) (== net50) (== netstandard2.0)
    runtime.win-x86.runtime.native.System.Data.SqlClient.sni (4.4) - restriction: || (&& (== net46) (< net45) (>= netstandard2.0)) (&& (== net46) (>= netcoreapp2.0)) (&& (== net46) (>= netcoreapp2.1)) (&& (== net46) (>= netcoreapp3.1)) (== net50) (== netstandard2.0)
    System.Buffers (4.5.1) - restriction: || (== net46) (&& (== net50) (>= monotouch)) (&& (== net50) (>= net461)) (&& (== net50) (>= net471)) (&& (== net50) (< netcoreapp2.0)) (&& (== net50) (< netstandard1.1)) (&& (== net50) (< netstandard2.0)) (&& (== net50) (>= xamarinios)) (&& (== net50) (>= xamarinmac)) (&& (== net50) (>= xamarintvos)) (&& (== net50) (>= xamarinwatchos)) (== netstandard2.0)
    System.Collections (4.3) - restriction: || (&& (== net46) (< net35)) (== net50) (== netstandard2.0)
      Microsoft.NETCore.Platforms (>= 1.1) - restriction: || (&& (== net46) (< net45)) (== net50) (== netstandard2.0)
      Microsoft.NETCore.Targets (>= 1.1) - restriction: || (&& (== net46) (< net45)) (== net50) (== netstandard2.0)
      System.Runtime (>= 4.3) - restriction: || (&& (== net46) (< net45)) (== net50) (== netstandard2.0)
    System.Collections.NonGeneric (4.3) - restriction: || (&& (== net46) (< net35)) (== net50) (== netstandard2.0)
      System.Diagnostics.Debug (>= 4.3) - restriction: || (== net50) (== netstandard2.0)
      System.Globalization (>= 4.3) - restriction: || (== net50) (== netstandard2.0)
      System.Resources.ResourceManager (>= 4.3) - restriction: || (== net50) (== netstandard2.0)
      System.Runtime (>= 4.3) - restriction: || (== net50) (== netstandard2.0)
      System.Runtime.Extensions (>= 4.3) - restriction: || (== net50) (== netstandard2.0)
      System.Threading (>= 4.3) - restriction: || (== net50) (== netstandard2.0)
    System.Collections.Specialized (4.3) - restriction: || (&& (== net46) (< net35)) (== net50) (== netstandard2.0)
      System.Collections.NonGeneric (>= 4.3) - restriction: || (== net50) (== netstandard2.0)
      System.Globalization (>= 4.3) - restriction: || (== net50) (== netstandard2.0)
      System.Globalization.Extensions (>= 4.3) - restriction: || (== net50) (== netstandard2.0)
      System.Resources.ResourceManager (>= 4.3) - restriction: || (== net50) (== netstandard2.0)
      System.Runtime (>= 4.3) - restriction: || (== net50) (== netstandard2.0)
      System.Runtime.Extensions (>= 4.3) - restriction: || (== net50) (== netstandard2.0)
      System.Threading (>= 4.3) - restriction: || (== net50) (== netstandard2.0)
    System.ComponentModel (4.3) - restriction: || (&& (== net46) (< net35)) (== net50) (== netstandard2.0)
      System.Runtime (>= 4.3) - restriction: || (&& (== net46) (< net45)) (== net50) (== netstandard2.0)
    System.ComponentModel.Primitives (4.3) - restriction: || (&& (== net46) (< net35)) (&& (== net46) (< netstandard1.0) (>= win8)) (&& (== net46) (>= wp8)) (&& (== net46) (>= wpa81)) (== net50) (== netstandard2.0)
      System.ComponentModel (>= 4.3) - restriction: || (&& (== net46) (< net45)) (== net50) (== netstandard2.0)
      System.Resources.ResourceManager (>= 4.3) - restriction: || (&& (== net46) (< net45)) (== net50) (== netstandard2.0)
      System.Runtime (>= 4.3) - restriction: || (&& (== net46) (< net45)) (== net50) (== netstandard2.0)
    System.ComponentModel.TypeConverter (4.3) - restriction: || (&& (== net46) (< net35)) (== net50) (== netstandard2.0)
      System.Collections (>= 4.3) - restriction: || (&& (== net46) (< net45)) (== net50) (== netstandard2.0)
      System.Collections.NonGeneric (>= 4.3) - restriction: || (&& (== net46) (< net45) (>= netstandard1.5)) (&& (== net46) (>= net462)) (== net50) (== netstandard2.0)
      System.Collections.Specialized (>= 4.3) - restriction: || (&& (== net46) (< net45) (>= netstandard1.5)) (== net50) (== netstandard2.0)
      System.ComponentModel (>= 4.3) - restriction: || (&& (== net46) (< net45)) (== net50) (== netstandard2.0)
      System.ComponentModel.Primitives (>= 4.3)
      System.Globalization (>= 4.3) - restriction: || (&& (== net46) (< net45)) (== net50) (== netstandard2.0)
      System.Linq (>= 4.3) - restriction: || (&& (== net46) (< net45) (>= netstandard1.5)) (== net50) (== netstandard2.0)
      System.Reflection (>= 4.3) - restriction: || (&& (== net46) (< net45)) (== net50) (== netstandard2.0)
      System.Reflection.Extensions (>= 4.3) - restriction: || (&& (== net46) (< net45)) (== net50) (== netstandard2.0)
      System.Reflection.Primitives (>= 4.3) - restriction: || (&& (== net46) (< net45)) (== net50) (== netstandard2.0)
      System.Reflection.TypeExtensions (>= 4.3) - restriction: || (&& (== net46) (< net45) (>= netstandard1.5)) (== net50) (== netstandard2.0)
      System.Resources.ResourceManager (>= 4.3) - restriction: || (&& (== net46) (< net45)) (== net50) (== netstandard2.0)
      System.Runtime (>= 4.3) - restriction: || (&& (== net46) (< net45)) (== net50) (== netstandard2.0)
      System.Runtime.Extensions (>= 4.3) - restriction: || (&& (== net46) (< net45)) (== net50) (== netstandard2.0)
      System.Threading (>= 4.3) - restriction: || (&& (== net46) (< net45)) (== net50) (== netstandard2.0)
    System.Data.SqlClient (4.8.2) - restriction: || (&& (== net46) (< net45) (>= netstandard2.0)) (== net50) (== netstandard2.0)
      Microsoft.Win32.Registry (>= 4.7) - restriction: || (&& (== net46) (< net451) (>= netstandard2.0)) (&& (== net46) (>= netcoreapp2.0)) (&& (== net46) (>= netcoreapp2.1)) (&& (== net46) (>= netcoreapp3.1)) (== net50) (== netstandard2.0)
      runtime.native.System.Data.SqlClient.sni (>= 4.7) - restriction: || (&& (== net46) (< net451)) (&& (== net46) (>= netcoreapp2.0)) (&& (== net46) (>= netcoreapp2.1)) (&& (== net46) (>= netcoreapp3.1)) (== net50) (== netstandard2.0)
      System.Buffers (>= 4.5.1) - restriction: || (&& (== net46) (< net451) (>= netstandard2.0)) (&& (== net50) (< netcoreapp2.0)) (== netstandard2.0)
      System.Diagnostics.DiagnosticSource (>= 4.7) - restriction: || (&& (== net46) (< net451)) (&& (== net46) (>= netcoreapp2.0)) (&& (== net46) (>= netcoreapp2.1)) (&& (== net46) (>= uap10.1)) (&& (== net50) (< netcoreapp2.0)) (&& (== net50) (< netcoreapp2.1)) (&& (== net50) (< netcoreapp3.1)) (&& (== net50) (< netstandard2.0)) (&& (== net50) (>= uap10.1)) (== netstandard2.0)
      System.Memory (>= 4.5.4) - restriction: || (&& (== net46) (< net451) (>= netstandard2.0)) (&& (== net46) (>= netcoreapp2.0)) (&& (== net46) (>= uap10.1)) (&& (== net50) (< netcoreapp2.0)) (&& (== net50) (< netcoreapp2.1)) (&& (== net50) (>= uap10.1)) (== netstandard2.0)
      System.Security.Principal.Windows (>= 4.7) - restriction: || (&& (== net46) (< net451)) (&& (== net46) (>= netcoreapp2.0)) (&& (== net46) (>= netcoreapp2.1)) (&& (== net46) (>= netcoreapp3.1)) (== net50) (== netstandard2.0)
      System.Text.Encoding.CodePages (>= 4.7) - restriction: || (&& (== net46) (< net451)) (&& (== net46) (>= netcoreapp2.0)) (&& (== net46) (>= netcoreapp2.1)) (&& (== net46) (>= uap10.1)) (&& (== net50) (< netcoreapp2.0)) (&& (== net50) (< netcoreapp2.1)) (&& (== net50) (< netcoreapp3.1)) (&& (== net50) (< netstandard2.0)) (&& (== net50) (>= uap10.1)) (== netstandard2.0)
    System.Diagnostics.Debug (4.3) - restriction: || (&& (== net46) (< net35)) (== net50) (== netstandard2.0)
      Microsoft.NETCore.Platforms (>= 1.1) - restriction: || (&& (== net46) (< net45)) (== net50) (== netstandard2.0)
      Microsoft.NETCore.Targets (>= 1.1) - restriction: || (&& (== net46) (< net45)) (== net50) (== netstandard2.0)
      System.Runtime (>= 4.3) - restriction: || (&& (== net46) (< net45)) (== net50) (== netstandard2.0)
    System.Diagnostics.DiagnosticSource (5.0) - restriction: || (&& (== net46) (== net50)) (&& (== net46) (>= net461)) (&& (== net46) (>= netstandard2.0)) (&& (== net46) (>= netstandard2.1)) (&& (== net50) (>= net461)) (&& (== net50) (< netstandard2.1)) (== netstandard2.0)
      System.Memory (>= 4.5.4) - restriction: || (== net46) (&& (== net50) (>= net45) (< netstandard1.3)) (&& (== net50) (>= net46)) (&& (== net50) (< netcoreapp2.1)) (&& (== net50) (< netstandard2.0)) (&& (== net50) (>= uap10.1)) (== netstandard2.0)
      System.Runtime.CompilerServices.Unsafe (>= 5.0) - restriction: || (== net46) (&& (== net50) (>= monotouch)) (&& (== net50) (>= net45) (< netstandard1.3)) (&& (== net50) (>= net46)) (&& (== net50) (< netcoreapp2.1)) (&& (== net50) (< netcoreapp3.0)) (&& (== net50) (< netstandard2.0)) (&& (== net50) (>= uap10.1)) (== netstandard2.0)
    System.Diagnostics.TraceSource (4.3) - restriction: || (&& (== net46) (< net35)) (== net50) (== netstandard2.0)
      Microsoft.NETCore.Platforms (>= 1.1) - restriction: || (== net50) (== netstandard2.0)
      runtime.native.System (>= 4.3) - restriction: || (== net50) (== netstandard2.0)
      System.Collections (>= 4.3) - restriction: || (== net50) (== netstandard2.0)
      System.Diagnostics.Debug (>= 4.3) - restriction: || (== net50) (== netstandard2.0)
      System.Globalization (>= 4.3) - restriction: || (== net50) (== netstandard2.0)
      System.Resources.ResourceManager (>= 4.3) - restriction: || (== net50) (== netstandard2.0)
      System.Runtime (>= 4.3) - restriction: || (== net50) (== netstandard2.0)
      System.Runtime.Extensions (>= 4.3) - restriction: || (== net50) (== netstandard2.0)
      System.Threading (>= 4.3) - restriction: || (== net50) (== netstandard2.0)
    System.Dynamic.Runtime (4.3) - restriction: || (&& (== net46) (< net35)) (== net50) (== netstandard2.0)
      System.Collections (>= 4.3) - restriction: || (&& (== net46) (< net45)) (== net50) (== netstandard2.0)
      System.Diagnostics.Debug (>= 4.3) - restriction: || (&& (== net46) (< net45)) (== net50) (== netstandard2.0)
      System.Linq (>= 4.3) - restriction: || (&& (== net46) (< net45)) (== net50) (== netstandard2.0)
      System.Linq.Expressions (>= 4.3) - restriction: || (&& (== net46) (< net45)) (== net50) (== netstandard2.0)
      System.ObjectModel (>= 4.3) - restriction: || (&& (== net46) (< net45)) (== net50) (== netstandard2.0)
      System.Reflection (>= 4.3) - restriction: || (&& (== net46) (< net45)) (== net50) (== netstandard2.0)
      System.Reflection.Emit (>= 4.3) - restriction: || (&& (== net46) (< net45)) (== net50) (== netstandard2.0)
      System.Reflection.Emit.ILGeneration (>= 4.3) - restriction: || (&& (== net46) (< net45)) (== net50) (== netstandard2.0)
      System.Reflection.Primitives (>= 4.3) - restriction: || (&& (== net46) (< net45)) (== net50) (== netstandard2.0)
      System.Reflection.TypeExtensions (>= 4.3) - restriction: || (&& (== net46) (< net45)) (== net50) (== netstandard2.0)
      System.Resources.ResourceManager (>= 4.3) - restriction: || (&& (== net46) (< net45)) (== net50) (== netstandard2.0)
      System.Runtime (>= 4.3) - restriction: || (&& (== net46) (< net45)) (== net50) (== netstandard2.0)
      System.Runtime.Extensions (>= 4.3) - restriction: || (&& (== net46) (< net45)) (== net50) (== netstandard2.0)
      System.Threading (>= 4.3) - restriction: || (&& (== net46) (< net45)) (== net50) (== netstandard2.0)
    System.Formats.Asn1 (5.0) - restriction: || (&& (== net46) (== net50)) (&& (== net46) (>= monoandroid) (>= netstandard2.0)) (&& (== net46) (>= monotouch) (>= netstandard2.0)) (&& (== net46) (< net45) (>= netstandard2.0)) (&& (== net46) (>= netcoreapp2.0)) (&& (== net46) (>= netcoreapp2.1)) (&& (== net46) (>= netcoreapp3.0)) (&& (== net46) (>= netstandard2.0) (>= uap10.1)) (&& (== net46) (>= netstandard2.0) (>= xamarintvos)) (&& (== net46) (>= netstandard2.0) (>= xamarinwatchos)) (&& (== net46) (>= netstandard2.1)) (&& (== net46) (>= xamarinios)) (&& (== net46) (>= xamarinmac)) (&& (== net50) (>= monotouch)) (&& (== net50) (>= net461)) (&& (== net50) (< netcoreapp2.0)) (&& (== net50) (< netcoreapp2.1) (< netstandard2.1)) (&& (== net50) (< netcoreapp3.0)) (&& (== net50) (>= uap10.1)) (== netstandard2.0)
      System.Buffers (>= 4.5.1) - restriction: || (&& (== net46) (>= monoandroid)) (&& (== net46) (>= monotouch)) (&& (== net46) (>= net461)) (&& (== net46) (>= netstandard2.0)) (&& (== net46) (>= xamarinios)) (&& (== net46) (>= xamarinmac)) (&& (== net46) (>= xamarintvos)) (&& (== net46) (>= xamarinwatchos)) (&& (== net50) (>= monotouch)) (&& (== net50) (>= net461)) (&& (== net50) (< netcoreapp2.0)) (&& (== net50) (>= xamarinios)) (&& (== net50) (>= xamarinmac)) (&& (== net50) (>= xamarintvos)) (&& (== net50) (>= xamarinwatchos)) (== netstandard2.0)
      System.Memory (>= 4.5.4) - restriction: || (&& (== net46) (>= net461)) (&& (== net46) (>= netcoreapp2.0)) (&& (== net46) (>= netstandard2.0)) (&& (== net46) (>= uap10.1)) (&& (== net50) (>= net461)) (&& (== net50) (< netcoreapp2.0)) (&& (== net50) (< netcoreapp2.1)) (&& (== net50) (>= uap10.1)) (== netstandard2.0)
    System.Globalization (4.3) - restriction: || (&& (== net46) (< net35)) (== net50) (== netstandard2.0)
      Microsoft.NETCore.Platforms (>= 1.1) - restriction: || (&& (== net46) (< net45)) (== net50) (== netstandard2.0)
      Microsoft.NETCore.Targets (>= 1.1) - restriction: || (&& (== net46) (< net45)) (== net50) (== netstandard2.0)
      System.Runtime (>= 4.3) - restriction: || (&& (== net46) (< net45)) (== net50) (== netstandard2.0)
    System.Globalization.Extensions (4.3) - restriction: || (&& (== net46) (< net35)) (== net50) (== netstandard2.0)
      Microsoft.NETCore.Platforms (>= 1.1) - restriction: || (== net50) (== netstandard2.0)
      System.Globalization (>= 4.3) - restriction: || (== net50) (== netstandard2.0)
      System.Resources.ResourceManager (>= 4.3) - restriction: || (== net50) (== netstandard2.0)
      System.Runtime (>= 4.3) - restriction: || (== net50) (== netstandard2.0)
      System.Runtime.Extensions (>= 4.3) - restriction: || (== net50) (== netstandard2.0)
      System.Runtime.InteropServices (>= 4.3) - restriction: || (== net50) (== netstandard2.0)
    System.Interactive (5.0)
    System.IO (4.3) - restriction: || (&& (== net46) (< net35)) (== net50) (== netstandard2.0)
      Microsoft.NETCore.Platforms (>= 1.1) - restriction: || (&& (== net46) (< net45)) (== net50) (== netstandard2.0)
      Microsoft.NETCore.Targets (>= 1.1) - restriction: || (&& (== net46) (< net45)) (== net50) (== netstandard2.0)
      System.Runtime (>= 4.3) - restriction: || (&& (== net46) (< net45)) (== net50) (== netstandard2.0)
      System.Text.Encoding (>= 4.3) - restriction: || (&& (== net46) (< net45)) (== net50) (== netstandard2.0)
      System.Threading.Tasks (>= 4.3) - restriction: || (&& (== net46) (< net45)) (== net50) (== netstandard2.0)
    System.IO.FileSystem (4.3) - restriction: || (&& (== net46) (< net35)) (== net50) (== netstandard2.0)
      Microsoft.NETCore.Platforms (>= 1.1) - restriction: || (== net50) (== netstandard2.0)
      Microsoft.NETCore.Targets (>= 1.1) - restriction: || (== net50) (== netstandard2.0)
      System.IO (>= 4.3) - restriction: || (== net50) (== netstandard2.0)
      System.IO.FileSystem.Primitives (>= 4.3)
      System.Runtime (>= 4.3) - restriction: || (== net50) (== netstandard2.0)
      System.Runtime.Handles (>= 4.3) - restriction: || (== net50) (== netstandard2.0)
      System.Text.Encoding (>= 4.3) - restriction: || (== net50) (== netstandard2.0)
      System.Threading.Tasks (>= 4.3) - restriction: || (== net50) (== netstandard2.0)
    System.IO.FileSystem.Primitives (4.3) - restriction: || (&& (== net46) (< net35)) (== net50) (== netstandard2.0)
      System.Runtime (>= 4.3) - restriction: || (== net50) (== netstandard2.0)
    System.IO.Pipelines (5.0) - restriction: || (&& (== net46) (== net50)) (&& (== net46) (< net45) (>= netstandard2.0)) (&& (== net50) (>= net461)) (&& (== net50) (< netcoreapp3.0)) (== netstandard2.0)
      System.Buffers (>= 4.5.1) - restriction: || (== net46) (&& (== net50) (>= monotouch)) (&& (== net50) (>= net461)) (&& (== net50) (< netcoreapp2.0)) (&& (== net50) (< netstandard2.0)) (&& (== net50) (>= xamarinios)) (&& (== net50) (>= xamarinmac)) (&& (== net50) (>= xamarintvos)) (&& (== net50) (>= xamarinwatchos)) (== netstandard2.0)
      System.Memory (>= 4.5.4) - restriction: || (== net46) (&& (== net50) (>= net461)) (&& (== net50) (< netcoreapp2.0)) (&& (== net50) (< netcoreapp2.1)) (&& (== net50) (< netstandard2.0)) (&& (== net50) (>= uap10.1)) (== netstandard2.0)
      System.Threading.Tasks.Extensions (>= 4.5.4) - restriction: || (== net46) (&& (== net50) (>= net461)) (&& (== net50) (< netcoreapp2.0)) (&& (== net50) (< netcoreapp2.1)) (&& (== net50) (< netstandard2.0)) (&& (== net50) (>= uap10.1)) (== netstandard2.0)
    System.Linq (4.3) - restriction: || (&& (== net46) (< net35) (>= netstandard1.5)) (== net50) (== netstandard2.0)
      System.Collections (>= 4.3) - restriction: || (&& (== net46) (< net45)) (== net50) (== netstandard2.0)
      System.Diagnostics.Debug (>= 4.3) - restriction: || (&& (== net46) (< net45) (>= netstandard1.6)) (== net50) (== netstandard2.0)
      System.Resources.ResourceManager (>= 4.3) - restriction: || (&& (== net46) (< net45) (>= netstandard1.6)) (== net50) (== netstandard2.0)
      System.Runtime (>= 4.3) - restriction: || (&& (== net46) (< net45)) (== net50) (== netstandard2.0)
      System.Runtime.Extensions (>= 4.3) - restriction: || (&& (== net46) (< net45) (>= netstandard1.6)) (== net50) (== netstandard2.0)
    System.Linq.Expressions (4.3) - restriction: || (&& (== net46) (< net35)) (== net50) (== netstandard2.0)
      System.Collections (>= 4.3) - restriction: || (&& (== net46) (< net45) (>= netstandard1.6)) (== net50) (== netstandard2.0)
      System.Diagnostics.Debug (>= 4.3) - restriction: || (&& (== net46) (< net45) (>= netstandard1.6)) (== net50) (== netstandard2.0)
      System.Globalization (>= 4.3) - restriction: || (&& (== net46) (< net45) (>= netstandard1.6)) (== net50) (== netstandard2.0)
      System.IO (>= 4.3) - restriction: || (&& (== net46) (< net45) (>= netstandard1.6)) (== net50) (== netstandard2.0)
      System.Linq (>= 4.3) - restriction: || (&& (== net46) (< net45) (>= netstandard1.6)) (== net50) (== netstandard2.0)
      System.ObjectModel (>= 4.3) - restriction: || (&& (== net46) (< net45) (>= netstandard1.6)) (== net50) (== netstandard2.0)
      System.Reflection (>= 4.3) - restriction: || (&& (== net46) (< net45)) (== net50) (== netstandard2.0)
      System.Reflection.Emit (>= 4.3) - restriction: || (&& (== net46) (< net45) (>= netstandard1.6)) (== net50) (== netstandard2.0)
      System.Reflection.Emit.ILGeneration (>= 4.3) - restriction: || (&& (== net46) (< net45) (>= netstandard1.6)) (== net50) (== netstandard2.0)
      System.Reflection.Emit.Lightweight (>= 4.3) - restriction: || (&& (== net46) (< net45) (>= netstandard1.6)) (== net50) (== netstandard2.0)
      System.Reflection.Extensions (>= 4.3) - restriction: || (&& (== net46) (< net45) (>= netstandard1.6)) (== net50) (== netstandard2.0)
      System.Reflection.Primitives (>= 4.3) - restriction: || (&& (== net46) (< net45) (>= netstandard1.6)) (== net50) (== netstandard2.0)
      System.Reflection.TypeExtensions (>= 4.3) - restriction: || (&& (== net46) (< net45) (>= netstandard1.6)) (== net50) (== netstandard2.0)
      System.Resources.ResourceManager (>= 4.3) - restriction: || (&& (== net46) (< net45) (>= netstandard1.6)) (== net50) (== netstandard2.0)
      System.Runtime (>= 4.3) - restriction: || (&& (== net46) (< net45)) (== net50) (== netstandard2.0)
      System.Runtime.Extensions (>= 4.3) - restriction: || (&& (== net46) (< net45) (>= netstandard1.6)) (== net50) (== netstandard2.0)
      System.Threading (>= 4.3) - restriction: || (&& (== net46) (< net45) (>= netstandard1.6)) (== net50) (== netstandard2.0)
    System.Memory (4.5.4) - restriction: || (== net46) (&& (== net50) (>= net45) (< netstandard1.3)) (&& (== net50) (>= net46)) (&& (== net50) (>= net461)) (&& (== net50) (>= net471)) (&& (== net50) (< netcoreapp2.1) (< netstandard2.1)) (&& (== net50) (< netstandard2.0)) (&& (== net50) (>= uap10.1)) (== netstandard2.0)
      System.Buffers (>= 4.5.1) - restriction: || (== net46) (&& (== net50) (>= monotouch)) (&& (== net50) (>= net461)) (&& (== net50) (< netcoreapp2.0)) (&& (== net50) (< netstandard1.1)) (&& (== net50) (< netstandard2.0)) (&& (== net50) (>= xamarinios)) (&& (== net50) (>= xamarinmac)) (&& (== net50) (>= xamarintvos)) (&& (== net50) (>= xamarinwatchos)) (== netstandard2.0)
      System.Numerics.Vectors (>= 4.4) - restriction: || (&& (== net46) (< net45) (>= netstandard2.0)) (&& (== net50) (< netcoreapp2.0)) (== netstandard2.0)
      System.Runtime.CompilerServices.Unsafe (>= 4.5.3) - restriction: || (== net46) (&& (== net50) (>= monotouch)) (&& (== net50) (>= net461)) (&& (== net50) (< netcoreapp2.0)) (&& (== net50) (< netcoreapp2.1)) (&& (== net50) (< netstandard1.1)) (&& (== net50) (< netstandard2.0)) (&& (== net50) (>= uap10.1)) (&& (== net50) (>= xamarinios)) (&& (== net50) (>= xamarinmac)) (&& (== net50) (>= xamarintvos)) (&& (== net50) (>= xamarinwatchos)) (== netstandard2.0)
    System.Numerics.Vectors (4.5) - restriction: || (&& (== net46) (== net50)) (&& (== net46) (< net45) (>= netstandard2.0)) (&& (== net50) (>= net471)) (&& (== net50) (< netcoreapp2.0) (< netstandard2.1)) (&& (== net50) (< netstandard2.0)) (== netstandard2.0)
    System.ObjectModel (4.3) - restriction: || (&& (== net46) (< net35)) (== net50) (== netstandard2.0)
      System.Collections (>= 4.3) - restriction: || (&& (== net46) (< net45)) (== net50) (== netstandard2.0)
      System.Diagnostics.Debug (>= 4.3) - restriction: || (&& (== net46) (< net45)) (== net50) (== netstandard2.0)
      System.Resources.ResourceManager (>= 4.3) - restriction: || (&& (== net46) (< net45)) (== net50) (== netstandard2.0)
      System.Runtime (>= 4.3) - restriction: || (&& (== net46) (< net45)) (== net50) (== netstandard2.0)
      System.Threading (>= 4.3) - restriction: || (&& (== net46) (< net45)) (== net50) (== netstandard2.0)
    System.Reactive (5.0)
      System.Runtime.InteropServices.WindowsRuntime (>= 4.3) - restriction: || (&& (== net46) (>= netstandard2.0)) (&& (== net50) (< netcoreapp3.1)) (== netstandard2.0)
      System.Threading.Tasks.Extensions (>= 4.5.4) - restriction: || (&& (== net46) (>= net472)) (&& (== net46) (>= netstandard2.0)) (&& (== net46) (>= uap10.1)) (&& (== net50) (>= net472)) (&& (== net50) (< netcoreapp3.1)) (&& (== net50) (>= uap10.1)) (== netstandard2.0)
    System.Reflection (4.3) - restriction: || (&& (== net46) (< net35)) (== net50) (== netstandard2.0)
      Microsoft.NETCore.Platforms (>= 1.1) - restriction: || (&& (== net46) (< net45)) (== net50) (== netstandard2.0)
      Microsoft.NETCore.Targets (>= 1.1) - restriction: || (&& (== net46) (< net45)) (== net50) (== netstandard2.0)
      System.IO (>= 4.3) - restriction: || (&& (== net46) (< net45)) (== net50) (== netstandard2.0)
      System.Reflection.Primitives (>= 4.3) - restriction: || (&& (== net46) (< net45)) (== net50) (== netstandard2.0)
      System.Runtime (>= 4.3) - restriction: || (&& (== net46) (< net45)) (== net50) (== netstandard2.0)
    System.Reflection.Emit (4.7) - restriction: || (&& (== net46) (< net35)) (== net50) (== netstandard2.0)
      System.Reflection.Emit.ILGeneration (>= 4.7) - restriction: || (&& (== net46) (< net45)) (&& (== net46) (< netstandard1.1)) (&& (== net46) (>= uap10.1)) (&& (== net46) (>= wpa81)) (&& (== net50) (< netcoreapp2.0) (< netstandard2.1)) (&& (== net50) (< netstandard1.1)) (&& (== net50) (< netstandard2.0)) (&& (== net50) (>= uap10.1)) (== netstandard2.0)
    System.Reflection.Emit.ILGeneration (4.7) - restriction: || (&& (== net46) (< net35)) (&& (== net46) (< net45) (>= netstandard2.0)) (&& (== net46) (>= netstandard2.0) (< portable-net45+wp8)) (&& (== net46) (>= netstandard2.0) (>= uap10.1)) (&& (== net46) (>= netstandard2.0) (>= wpa81)) (== net50) (== netstandard2.0)
    System.Reflection.Emit.Lightweight (4.7) - restriction: || (&& (== net46) (< net35) (>= netstandard1.6)) (&& (== net46) (>= netstandard2.0)) (== net50) (== netstandard2.0)
      System.Reflection.Emit.ILGeneration (>= 4.7) - restriction: || (&& (== net46) (< net45)) (&& (== net46) (< portable-net45+wp8)) (&& (== net46) (>= uap10.1)) (&& (== net46) (>= wpa81)) (&& (== net50) (< netcoreapp2.0) (< netstandard2.1)) (&& (== net50) (< netstandard2.0)) (&& (== net50) (< portable-net45+wp8)) (&& (== net50) (>= uap10.1)) (== netstandard2.0)
    System.Reflection.Extensions (4.3) - restriction: || (&& (== net46) (< net35)) (== net50) (== netstandard2.0)
      Microsoft.NETCore.Platforms (>= 1.1) - restriction: || (&& (== net46) (< net45)) (== net50) (== netstandard2.0)
      Microsoft.NETCore.Targets (>= 1.1) - restriction: || (&& (== net46) (< net45)) (== net50) (== netstandard2.0)
      System.Reflection (>= 4.3) - restriction: || (&& (== net46) (< net45)) (== net50) (== netstandard2.0)
      System.Runtime (>= 4.3) - restriction: || (&& (== net46) (< net45)) (== net50) (== netstandard2.0)
    System.Reflection.Primitives (4.3) - restriction: || (&& (== net46) (< net35)) (== net50) (== netstandard2.0)
      Microsoft.NETCore.Platforms (>= 1.1) - restriction: || (&& (== net46) (< net45)) (== net50) (== netstandard2.0)
      Microsoft.NETCore.Targets (>= 1.1) - restriction: || (&& (== net46) (< net45)) (== net50) (== netstandard2.0)
      System.Runtime (>= 4.3) - restriction: || (&& (== net46) (< net45)) (== net50) (== netstandard2.0)
    System.Reflection.TypeExtensions (4.7) - restriction: || (&& (== net46) (< net35)) (== net50) (== netstandard2.0)
    System.Resources.ResourceManager (4.3) - restriction: || (&& (== net46) (< net35)) (== net50) (== netstandard2.0)
      Microsoft.NETCore.Platforms (>= 1.1) - restriction: || (&& (== net46) (< net45)) (== net50) (== netstandard2.0)
      Microsoft.NETCore.Targets (>= 1.1) - restriction: || (&& (== net46) (< net45)) (== net50) (== netstandard2.0)
      System.Globalization (>= 4.3) - restriction: || (&& (== net46) (< net45)) (== net50) (== netstandard2.0)
      System.Reflection (>= 4.3) - restriction: || (&& (== net46) (< net45)) (== net50) (== netstandard2.0)
      System.Runtime (>= 4.3) - restriction: || (&& (== net46) (< net45)) (== net50) (== netstandard2.0)
    System.Runtime (4.3.1) - restriction: || (&& (== net46) (< net35)) (&& (== net46) (< net45) (>= netstandard2.0)) (== net50) (== netstandard2.0)
      Microsoft.NETCore.Platforms (>= 1.1.1) - restriction: || (&& (== net46) (< net45)) (== net50) (== netstandard2.0)
      Microsoft.NETCore.Targets (>= 1.1.3) - restriction: || (&& (== net46) (< net45)) (== net50) (== netstandard2.0)
    System.Runtime.CompilerServices.Unsafe (5.0) - restriction: || (== net46) (&& (== net50) (>= monotouch)) (&& (== net50) (>= net45) (< netstandard1.3)) (&& (== net50) (>= net46)) (&& (== net50) (>= net461)) (&& (== net50) (>= net471)) (&& (== net50) (< netstandard1.1)) (&& (== net50) (< netstandard2.0)) (&& (== net50) (< netstandard2.1)) (&& (== net50) (>= uap10.1)) (== netstandard2.0)
    System.Runtime.Extensions (4.3.1) - restriction: || (&& (== net46) (< net35)) (== net50) (== netstandard2.0)
      Microsoft.NETCore.Platforms (>= 1.1.1) - restriction: || (&& (== net46) (< net45)) (== net50) (== netstandard2.0)
      Microsoft.NETCore.Targets (>= 1.1.3) - restriction: || (&& (== net46) (< net45)) (== net50) (== netstandard2.0)
      System.Runtime (>= 4.3.1) - restriction: || (&& (== net46) (< net45)) (== net50) (== netstandard2.0)
    System.Runtime.Handles (4.3) - restriction: || (&& (== net46) (< net35)) (&& (== net46) (>= netcoreapp1.1)) (== net50) (== netstandard2.0)
      Microsoft.NETCore.Platforms (>= 1.1) - restriction: || (== net50) (== netstandard2.0)
      Microsoft.NETCore.Targets (>= 1.1) - restriction: || (== net50) (== netstandard2.0)
      System.Runtime (>= 4.3) - restriction: || (== net50) (== netstandard2.0)
    System.Runtime.InteropServices (4.3) - restriction: || (&& (== net46) (< net35)) (== net50) (== netstandard2.0)
      Microsoft.NETCore.Platforms (>= 1.1) - restriction: || (&& (== net46) (< net45)) (&& (== net46) (>= netcoreapp1.1)) (== net50) (== netstandard2.0)
      Microsoft.NETCore.Targets (>= 1.1) - restriction: || (&& (== net46) (< net45)) (&& (== net46) (>= netcoreapp1.1)) (== net50) (== netstandard2.0)
      System.Reflection (>= 4.3) - restriction: || (&& (== net46) (< net45)) (&& (== net46) (>= netcoreapp1.1)) (== net50) (== netstandard2.0)
      System.Reflection.Primitives (>= 4.3) - restriction: || (&& (== net46) (< net45)) (&& (== net46) (>= netcoreapp1.1)) (== net50) (== netstandard2.0)
      System.Runtime (>= 4.3) - restriction: || (&& (== net46) (< net45)) (&& (== net46) (>= net462)) (&& (== net46) (>= netcoreapp1.1)) (== net50) (== netstandard2.0)
      System.Runtime.Handles (>= 4.3) - restriction: || (&& (== net46) (< net45)) (&& (== net46) (>= netcoreapp1.1)) (== net50) (== netstandard2.0)
    System.Runtime.InteropServices.WindowsRuntime (4.3) - restriction: || (&& (== net46) (== net50)) (&& (== net46) (>= netstandard2.0)) (&& (== net50) (< netcoreapp3.1)) (== netstandard2.0)
      System.Runtime (>= 4.3) - restriction: || (&& (== net46) (< net45)) (== net50) (== netstandard2.0)
    System.Security.AccessControl (5.0) - restriction: || (&& (== net46) (>= monoandroid) (>= netstandard2.0)) (&& (== net46) (>= monotouch) (>= netstandard2.0)) (&& (== net46) (< net45) (>= netstandard2.0)) (&& (== net46) (>= netcoreapp2.0)) (&& (== net46) (>= netcoreapp2.1)) (&& (== net46) (>= netcoreapp3.1)) (&& (== net46) (>= netstandard2.0) (>= uap10.1)) (&& (== net46) (>= netstandard2.0) (>= xamarintvos)) (&& (== net46) (>= netstandard2.0) (>= xamarinwatchos)) (&& (== net46) (>= xamarinios)) (&& (== net46) (>= xamarinmac)) (== net50) (== netstandard2.0)
      Microsoft.NETCore.Platforms (>= 5.0) - restriction: || (&& (== net46) (>= netcoreapp2.0)) (== net50) (&& (== netstandard2.0) (>= netcoreapp2.0))
      System.Security.Principal.Windows (>= 5.0)
    System.Security.Cryptography.Cng (5.0) - restriction: || (&& (== net46) (== net50)) (&& (== net46) (>= monoandroid) (>= netstandard2.0)) (&& (== net46) (>= monotouch) (>= netstandard2.0)) (&& (== net46) (< net45) (>= netstandard2.0)) (&& (== net46) (>= netcoreapp2.0)) (&& (== net46) (>= netcoreapp2.1)) (&& (== net46) (>= netcoreapp3.0)) (&& (== net46) (>= netstandard2.0) (>= xamarintvos)) (&& (== net46) (>= netstandard2.0) (>= xamarinwatchos)) (&& (== net46) (>= netstandard2.1)) (&& (== net46) (>= xamarinios)) (&& (== net46) (>= xamarinmac)) (&& (== net50) (>= monotouch)) (&& (== net50) (>= net461)) (&& (== net50) (< netcoreapp2.0)) (&& (== net50) (< netcoreapp3.0)) (&& (== net50) (< netstandard2.1)) (== netstandard2.0)
    System.Security.Cryptography.Pkcs (5.0) - restriction: || (&& (== net46) (== net50)) (&& (== net46) (>= monoandroid) (>= netstandard2.0)) (&& (== net46) (>= monotouch) (>= netstandard2.0)) (&& (== net46) (< net45) (>= netstandard2.0)) (&& (== net46) (>= netcoreapp2.1)) (&& (== net46) (>= netstandard2.0) (>= xamarintvos)) (&& (== net46) (>= netstandard2.0) (>= xamarinwatchos)) (&& (== net46) (>= xamarinios)) (&& (== net46) (>= xamarinmac)) (&& (== net50) (>= monotouch)) (&& (== net50) (>= net461)) (&& (== net50) (< netcoreapp3.0)) (== netstandard2.0)
      System.Buffers (>= 4.5.1) - restriction: || (&& (== net50) (< netcoreapp2.0) (< netstandard2.1)) (== netstandard2.0)
      System.Formats.Asn1 (>= 5.0) - restriction: || (&& (== net46) (>= monoandroid)) (&& (== net46) (>= monotouch)) (&& (== net46) (>= netcoreapp2.0)) (&& (== net46) (>= netcoreapp3.0)) (&& (== net46) (>= netstandard2.1)) (&& (== net46) (>= uap10.1)) (&& (== net46) (>= xamarinios)) (&& (== net46) (>= xamarinmac)) (&& (== net46) (>= xamarintvos)) (&& (== net46) (>= xamarinwatchos)) (== net50) (== netstandard2.0)
      System.Memory (>= 4.5.4) - restriction: || (&& (== net46) (>= netcoreapp2.0)) (&& (== net46) (>= uap10.1)) (&& (== net50) (< netcoreapp2.0) (< netstandard2.1)) (&& (== net50) (< netcoreapp2.1) (< netstandard2.1)) (&& (== net50) (>= uap10.1)) (== netstandard2.0)
      System.Security.Cryptography.Cng (>= 5.0) - restriction: || (&& (== net46) (>= netcoreapp2.0)) (&& (== net46) (>= netcoreapp2.1)) (&& (== net46) (>= netcoreapp3.0)) (&& (== net46) (>= netstandard2.1)) (== net50) (== netstandard2.0)
    System.Security.Cryptography.Xml (5.0) - restriction: || (&& (== net46) (== net50)) (&& (== net46) (< net45) (>= netstandard2.0)) (&& (== net50) (>= net461)) (&& (== net50) (< netcoreapp3.0)) (== netstandard2.0)
      System.Memory (>= 4.5.4) - restriction: || (&& (== net46) (>= netstandard2.0)) (&& (== net50) (< netcoreapp2.1)) (== netstandard2.0)
      System.Security.Cryptography.Pkcs (>= 5.0) - restriction: || (&& (== net46) (>= monoandroid)) (&& (== net46) (>= monotouch)) (&& (== net46) (>= netcoreapp2.1)) (&& (== net46) (>= netstandard2.0)) (&& (== net46) (>= xamarinios)) (&& (== net46) (>= xamarinmac)) (&& (== net46) (>= xamarintvos)) (&& (== net46) (>= xamarinwatchos)) (== net50) (== netstandard2.0)
      System.Security.Permissions (>= 5.0) - restriction: || (&& (== net46) (>= monoandroid)) (&& (== net46) (>= monotouch)) (&& (== net46) (>= net461)) (&& (== net46) (>= netstandard2.0)) (&& (== net46) (>= xamarintvos)) (&& (== net46) (>= xamarinwatchos)) (== net50) (== netstandard2.0)
    System.Security.Permissions (5.0) - restriction: || (&& (== net46) (== net50)) (&& (== net46) (>= monoandroid) (>= netstandard2.0)) (&& (== net46) (>= monotouch) (>= netstandard2.0)) (&& (== net46) (< net45) (>= netstandard2.0)) (&& (== net46) (>= netstandard2.0) (>= xamarintvos)) (&& (== net46) (>= netstandard2.0) (>= xamarinwatchos)) (&& (== net50) (>= monotouch)) (&& (== net50) (>= net461)) (&& (== net50) (< netcoreapp3.0)) (== netstandard2.0)
      System.Security.AccessControl (>= 5.0) - restriction: || (&& (== net46) (>= net461)) (&& (== net46) (>= netstandard2.0)) (== net50) (== netstandard2.0)
    System.Security.Principal.Windows (5.0) - restriction: || (&& (== net46) (>= monoandroid) (>= netstandard2.0)) (&& (== net46) (>= monotouch) (>= netstandard2.0)) (&& (== net46) (< net45) (>= netstandard2.0)) (&& (== net46) (>= netcoreapp2.0)) (&& (== net46) (>= netcoreapp2.1)) (&& (== net46) (>= netcoreapp3.1)) (&& (== net46) (>= netstandard2.0) (>= uap10.1)) (&& (== net46) (>= netstandard2.0) (>= xamarintvos)) (&& (== net46) (>= netstandard2.0) (>= xamarinwatchos)) (&& (== net46) (>= xamarinios)) (&& (== net46) (>= xamarinmac)) (== net50) (== netstandard2.0)
    System.Text.Encoding (4.3) - restriction: || (&& (== net46) (< net35)) (== net50) (== netstandard2.0)
      Microsoft.NETCore.Platforms (>= 1.1) - restriction: || (&& (== net46) (< net45)) (== net50) (== netstandard2.0)
      Microsoft.NETCore.Targets (>= 1.1) - restriction: || (&& (== net46) (< net45)) (== net50) (== netstandard2.0)
      System.Runtime (>= 4.3) - restriction: || (&& (== net46) (< net45)) (== net50) (== netstandard2.0)
    System.Text.Encoding.CodePages (5.0) - restriction: || (&& (== net46) (== net50)) (&& (== net46) (< net45) (>= netstandard2.0)) (&& (== net46) (>= netcoreapp2.0)) (&& (== net46) (>= netcoreapp2.1)) (&& (== net46) (>= netstandard2.0) (>= uap10.1)) (&& (== net50) (< netcoreapp2.0)) (&& (== net50) (< netcoreapp2.1)) (&& (== net50) (< netcoreapp3.1)) (&& (== net50) (< netstandard2.0)) (&& (== net50) (>= uap10.1)) (== netstandard2.0)
      System.Runtime.CompilerServices.Unsafe (>= 5.0) - restriction: || (&& (== net46) (>= net461)) (&& (== net46) (>= netcoreapp2.0)) (&& (== net50) (>= net461)) (&& (== net50) (< netcoreapp2.0)) (== netstandard2.0)
    System.Text.Encoding.Extensions (4.3) - restriction: || (&& (== net46) (< net35)) (== net50) (== netstandard2.0)
      Microsoft.NETCore.Platforms (>= 1.1) - restriction: || (&& (== net46) (< net45)) (== net50) (== netstandard2.0)
      Microsoft.NETCore.Targets (>= 1.1) - restriction: || (&& (== net46) (< net45)) (== net50) (== netstandard2.0)
      System.Runtime (>= 4.3) - restriction: || (&& (== net46) (< net45)) (== net50) (== netstandard2.0)
      System.Text.Encoding (>= 4.3) - restriction: || (&& (== net46) (< net45)) (== net50) (== netstandard2.0)
    System.Text.Encodings.Web (5.0) - restriction: || (&& (== net46) (== net50)) (&& (== net46) (< net45) (>= netstandard2.0)) (&& (== net50) (>= net461)) (&& (== net50) (< netcoreapp3.0)) (== netstandard2.0)
      System.Memory (>= 4.5.4) - restriction: || (&& (== net46) (< net45) (>= netstandard2.0)) (&& (== net46) (>= net461)) (&& (== net46) (>= uap10.1)) (&& (== net50) (>= net461)) (&& (== net50) (< netcoreapp2.1) (< netstandard2.1)) (&& (== net50) (>= uap10.1)) (== netstandard2.0)
    System.Text.RegularExpressions (4.3.1) - restriction: || (&& (== net46) (< net35)) (== net50) (== netstandard2.0)
      System.Collections (>= 4.3) - restriction: || (&& (== net46) (< net45) (>= netstandard1.6)) (&& (== net50) (< netcoreapp1.1)) (== netstandard2.0)
      System.Globalization (>= 4.3) - restriction: || (&& (== net46) (< net45) (>= netstandard1.6)) (&& (== net50) (< netcoreapp1.1)) (== netstandard2.0)
      System.Resources.ResourceManager (>= 4.3) - restriction: || (&& (== net46) (< net45) (>= netstandard1.6)) (&& (== net50) (< netcoreapp1.1)) (== netstandard2.0)
      System.Runtime (>= 4.3.1) - restriction: || (&& (== net46) (< net45)) (&& (== net46) (>= netcoreapp1.1)) (== net50) (== netstandard2.0)
      System.Runtime.Extensions (>= 4.3.1) - restriction: || (&& (== net46) (< net45) (>= netstandard1.6)) (&& (== net50) (< netcoreapp1.1)) (== netstandard2.0)
      System.Threading (>= 4.3) - restriction: || (&& (== net46) (< net45) (>= netstandard1.6)) (&& (== net50) (< netcoreapp1.1)) (== netstandard2.0)
    System.Threading (4.3) - restriction: || (&& (== net46) (< net35)) (== net50) (== netstandard2.0)
      System.Runtime (>= 4.3) - restriction: || (&& (== net46) (< net45)) (== net50) (== netstandard2.0)
      System.Threading.Tasks (>= 4.3) - restriction: || (&& (== net46) (< net45)) (== net50) (== netstandard2.0)
    System.Threading.Tasks (4.3) - restriction: || (&& (== net46) (< net35)) (== net50) (== netstandard2.0)
      Microsoft.NETCore.Platforms (>= 1.1) - restriction: || (&& (== net46) (< net45)) (== net50) (== netstandard2.0)
      Microsoft.NETCore.Targets (>= 1.1) - restriction: || (&& (== net46) (< net45)) (== net50) (== netstandard2.0)
      System.Runtime (>= 4.3) - restriction: || (&& (== net46) (< net45)) (== net50) (== netstandard2.0)
    System.Threading.Tasks.Extensions (4.5.4)
      System.Runtime.CompilerServices.Unsafe (>= 4.5.3) - restriction: || (== net46) (&& (== net50) (>= net461)) (&& (== net50) (< netcoreapp2.1)) (&& (== net50) (< netstandard1.0)) (&& (== net50) (< netstandard2.0)) (&& (== net50) (>= wp8)) (== netstandard2.0)
    System.ValueTuple (4.5)
    System.Xml.ReaderWriter (4.3.1) - restriction: || (&& (== net46) (< net35)) (== net50) (== netstandard2.0)
      System.Collections (>= 4.3) - restriction: || (&& (== net46) (< net45)) (== net50) (== netstandard2.0)
      System.Diagnostics.Debug (>= 4.3) - restriction: || (&& (== net46) (< net45)) (== net50) (== netstandard2.0)
      System.Globalization (>= 4.3) - restriction: || (&& (== net46) (< net45)) (== net50) (== netstandard2.0)
      System.IO (>= 4.3) - restriction: || (&& (== net46) (< net45)) (== net50) (== netstandard2.0)
      System.IO.FileSystem (>= 4.3) - restriction: || (&& (== net46) (< net45)) (== net50) (== netstandard2.0)
      System.IO.FileSystem.Primitives (>= 4.3) - restriction: || (&& (== net46) (< net45)) (== net50) (== netstandard2.0)
      System.Resources.ResourceManager (>= 4.3) - restriction: || (&& (== net46) (< net45)) (== net50) (== netstandard2.0)
      System.Runtime (>= 4.3) - restriction: || (&& (== net46) (< net45)) (== net50) (== netstandard2.0)
      System.Runtime.Extensions (>= 4.3) - restriction: || (&& (== net46) (< net45)) (== net50) (== netstandard2.0)
      System.Runtime.InteropServices (>= 4.3) - restriction: || (&& (== net46) (< net45)) (== net50) (== netstandard2.0)
      System.Text.Encoding (>= 4.3) - restriction: || (&& (== net46) (< net45)) (== net50) (== netstandard2.0)
      System.Text.Encoding.Extensions (>= 4.3) - restriction: || (&& (== net46) (< net45)) (== net50) (== netstandard2.0)
      System.Text.RegularExpressions (>= 4.3) - restriction: || (&& (== net46) (< net45)) (== net50) (== netstandard2.0)
      System.Threading.Tasks (>= 4.3) - restriction: || (&& (== net46) (< net45)) (== net50) (== netstandard2.0)
      System.Threading.Tasks.Extensions (>= 4.3) - restriction: || (&& (== net46) (< net45)) (== net50) (== netstandard2.0)
    System.Xml.XmlDocument (4.3) - restriction: || (&& (== net46) (< net35)) (== net50) (== netstandard2.0)
      System.Collections (>= 4.3) - restriction: || (== net50) (== netstandard2.0)
      System.Diagnostics.Debug (>= 4.3) - restriction: || (== net50) (== netstandard2.0)
      System.Globalization (>= 4.3) - restriction: || (== net50) (== netstandard2.0)
      System.IO (>= 4.3) - restriction: || (== net50) (== netstandard2.0)
      System.Resources.ResourceManager (>= 4.3) - restriction: || (== net50) (== netstandard2.0)
      System.Runtime (>= 4.3) - restriction: || (== net50) (== netstandard2.0)
      System.Runtime.Extensions (>= 4.3) - restriction: || (== net50) (== netstandard2.0)
      System.Text.Encoding (>= 4.3) - restriction: || (== net50) (== netstandard2.0)
      System.Threading (>= 4.3) - restriction: || (== net50) (== netstandard2.0)
      System.Xml.ReaderWriter (>= 4.3) - restriction: || (== net50) (== netstandard2.0)
    xunit (2.4.1)
      xunit.analyzers (>= 0.10)
      xunit.assert (2.4.1)
      xunit.core (2.4.1)
    xunit.abstractions (2.0.3)
    xunit.analyzers (0.10)
    xunit.assert (2.4.1)
      NETStandard.Library (>= 1.6.1) - restriction: || (&& (== net46) (< net452)) (== net50) (== netstandard2.0)
    xunit.core (2.4.1)
      xunit.extensibility.core (2.4.1)
      xunit.extensibility.execution (2.4.1)
    xunit.extensibility.core (2.4.1)
      NETStandard.Library (>= 1.6.1) - restriction: || (&& (== net46) (< net452)) (== net50) (== netstandard2.0)
      xunit.abstractions (>= 2.0.3)
    xunit.extensibility.execution (2.4.1)
      NETStandard.Library (>= 1.6.1) - restriction: || (&& (== net46) (< net452)) (== net50) (== netstandard2.0)
      xunit.extensibility.core (2.4.1)
    xunit.runner.visualstudio (2.4.3)
